GEM
  remote: https://rubygems.org/
  specs:
    ruby-graphviz (1.0.9)

PLATFORMS
  x86-mingw32

DEPENDENCIES
  ruby-graphviz
